GEM
  remote: http://rubygems.org/
  specs:
    POpen4 (0.1.4)
      Platform (>= 0.4.0)
      open4
    Platform (0.4.0)
    coffee-script (2.2.0)
      coffee-script-source
      execjs
    coffee-script-source (1.1.3)
    execjs (1.2.12)
      multi_json (~> 1.0)
    haml (4.0.1)
      tilt
    hike (1.2.1)
    libv8 (3.3.10.4)
    multi_json (1.0.4)
    open4 (1.3.0)
    rack (1.3.5)
    rack-protection (1.1.4)
      rack
    sass (3.2.0)
    sinatra (1.3.1)
      rack (~> 1.3, >= 1.3.4)
      rack-protection (~> 1.1, >= 1.1.2)
      tilt (~> 1.3, >= 1.3.3)
    sprockets (2.1.2)
      hike (~> 1.2)
      rack (~> 1.0)
      tilt (~> 1.1, != 1.3.0)
    therubyracer (0.9.9)
      libv8 (~> 3.3.10)
    tilt (1.3.3)
    uglifier (1.2.0)
      execjs (>= 0.3.0)
      multi_json (>= 1.0.2)
    yui-compressor (0.9.6)
      POpen4 (>= 0.1.4)

PLATFORMS
  ruby

DEPENDENCIES
  coffee-script
  haml (~> 4.0.1)
  sass
  sinatra
  sprockets
  therubyracer
  uglifier
  yui-compressor
